PATH
  remote: .
  specs:
    chuggle (0.0.1)

GEM
  remote: http://rubygems.org/
  specs:
    flog (2.5.1)
      ruby_parser (~> 2.0)
      sexp_processor (~> 3.0)
    json (1.5.1)
    ruby_parser (2.0.6)
      sexp_processor (~> 3.0)
    sexp_processor (3.0.5)

PLATFORMS
  ruby

DEPENDENCIES
  chuggle!
  flog
  json
